GIT
  remote: https://github.com/opscode/omnibus-software.git
  revision: e84914afce6feb98edcb718cf27fd9a2467e9187
  branch: master
  specs:
    omnibus-software (4.0.0)

GEM
  remote: https://rubygems.org/
  specs:
    chef-sugar (2.4.1)
    cleanroom (1.0.0)
    ffi (1.9.6)
    ffi-yajl (1.3.1)
      ffi (~> 1.5)
      libyajl2 (~> 1.2)
    ipaddress (0.8.0)
    libyajl2 (1.2.0)
    mime-types (1.25.1)
    mixlib-cli (1.5.0)
    mixlib-config (2.1.0)
    mixlib-log (1.6.0)
    mixlib-shellout (1.6.1)
    ohai (7.4.0)
      ffi (~> 1.9)
      ffi-yajl (~> 1.0)
      ipaddress
      mime-types (~> 1.16)
      mixlib-cli
      mixlib-config (~> 2.0)
      mixlib-log
      mixlib-shellout (~> 1.2)
      systemu (~> 2.6.4)
      wmi-lite (~> 1.0)
    omnibus (4.0.0)
      chef-sugar (~> 2.2)
      cleanroom (~> 1.0)
      mixlib-shellout (~> 1.4)
      ohai (~> 7.2)
      thor (~> 0.18)
      uber-s3
    systemu (2.6.4)
    thor (0.19.1)
    uber-s3 (0.2.4)
      mime-types (~> 1.17)
    wmi-lite (1.0.0)

PLATFORMS
  ruby

DEPENDENCIES
  omnibus (~> 4.0.0)
  omnibus-software!
